GEM
  specs:
    thor (0.14.4)

PLATFORMS
  ruby

DEPENDENCIES
  thor
