GEM
  specs:
    thor (0.14.5)

PLATFORMS
  ruby

DEPENDENCIES
  thor
